GEM
  remote: https://rubygems.org/
  specs:
    coderay (1.1.2)
    geokit (1.13.1)
    method_source (0.9.0)
    mini_portile2 (2.3.0)
    nokogiri (1.8.4)
      mini_portile2 (~> 2.3.0)
    pry (0.11.3)
      coderay (~> 1.1.0)
      method_source (~> 0.9.0)

PLATFORMS
  ruby

DEPENDENCIES
  geokit
  nokogiri
  pry

BUNDLED WITH
   1.16.1
